GEM
  remote: http://rubygems.org/
  specs:
    addressable (2.2.5)
    faraday (0.6.1)
      addressable (~> 2.2.4)
      multipart-post (~> 1.1.0)
      rack (>= 1.1.0, < 2)
    faraday-stack (0.1.0)
      faraday (~> 0.6)
    indextank (1.0.9.1)
      faraday-stack
      yajl-ruby (>= 0.7.7)
    multipart-post (1.1.0)
    rack (1.2.2)
    yajl-ruby (0.8.2)

PLATFORMS
  ruby

DEPENDENCIES
  indextank
