GEM
  remote: http://rubygems.org/
  specs:
    addressable (2.2.5)
    diff-lcs (1.1.2)
    faraday (0.6.1)
      addressable (~> 2.2.4)
      multipart-post (~> 1.1.0)
      rack (>= 1.1.0, < 2)
    faraday-stack (0.1.0)
      faraday (~> 0.6)
    git (1.2.5)
    indextank (1.0.9.1)
      faraday-stack
      yajl-ruby (>= 0.7.7)
    jeweler (1.5.2)
      bundler (~> 1.0.0)
      git (>= 1.2.5)
      rake
    multipart-post (1.1.0)
    rack (1.2.2)
    rake (0.8.7)
    rcov (0.9.9)
    rspec (2.3.0)
      rspec-core (~> 2.3.0)
      rspec-expectations (~> 2.3.0)
      rspec-mocks (~> 2.3.0)
    rspec-core (2.3.1)
    rspec-expectations (2.3.0)
      diff-lcs (~> 1.1.2)
    rspec-mocks (2.3.0)
    yajl-ruby (0.8.2)

PLATFORMS
  ruby

DEPENDENCIES
  bundler (~> 1.0.0)
  indextank
  jeweler (~> 1.5.2)
  rcov
  rspec (~> 2.3.0)
